GEM
  specs:

PLATFORMS
  java
  ruby

DEPENDENCIES
